PATH
  remote: .
  specs:
    event_bus (1.1.0)

GEM
  remote: https://rubygems.org/
  specs:
    celluloid (0.15.2)
      timers (~> 1.1.0)
    connection_pool (2.0.0)
    diff-lcs (1.2.4)
    json (1.8.0)
    multi_json (1.7.3)
    rake (10.0.4)
    redis (3.0.7)
    redis-namespace (1.4.1)
      redis (~> 3.0.4)
    rspec (2.13.0)
      rspec-core (~> 2.13.0)
      rspec-expectations (~> 2.13.0)
      rspec-mocks (~> 2.13.0)
    rspec-core (2.13.1)
    rspec-expectations (2.13.0)
      diff-lcs (>= 1.1.3, < 2.0)
    rspec-given (2.4.1)
      rspec (>= 2.11)
      sorcerer (>= 0.3.7)
    rspec-mocks (2.13.1)
    rspec-spies (2.1.4)
      rspec (~> 2.0)
    sidekiq (3.0.0)
      celluloid (>= 0.15.2)
      connection_pool (>= 2.0.0)
      json
      redis (>= 3.0.6)
      redis-namespace (>= 1.3.1)
    simplecov (0.7.1)
      multi_json (~> 1.0)
      simplecov-html (~> 0.7.1)
    simplecov-html (0.7.1)
    sorcerer (0.3.10)
    timers (1.1.0)

PLATFORMS
  ruby

DEPENDENCIES
  event_bus!
  json
  rake (~> 10.0.1)
  rspec (~> 2.12)
  rspec-given
  rspec-spies
  sidekiq
  simplecov
